GEM
  remote: https://rubygems.org/
  specs:
    faraday (0.8.7)
      multipart-post (~> 1.1)
    hashie (2.0.4)
    httpauth (0.2.0)
    json (1.7.7)
    jwt (0.1.8)
      multi_json (>= 1.5)
    multi_json (1.7.2)
    multipart-post (1.2.0)
    newrelic_rpm (3.6.1.87)
    nokogiri (1.5.9)
    oauth (0.4.7)
    oauth2 (0.8.1)
      faraday (~> 0.8)
      httpauth (~> 0.1)
      jwt (~> 0.1.4)
      multi_json (~> 1.0)
      rack (~> 1.2)
    omniauth (1.1.4)
      hashie (>= 1.2, < 3)
      rack
    omniauth-facebook (1.4.1)
      omniauth-oauth2 (~> 1.1.0)
    omniauth-oauth (1.0.1)
      oauth
      omniauth (~> 1.0)
    omniauth-oauth2 (1.1.1)
      oauth2 (~> 0.8.0)
      omniauth (~> 1.0)
    omniauth-twitter (0.0.16)
      multi_json (~> 1.3)
      omniauth-oauth (~> 1.0)
    pg (0.15.1)
    rack (1.5.2)
    rack-protection (1.5.0)
      rack
    rack_csrf (2.4.0)
      rack (>= 0.9)
    rake (10.0.4)
    sanitize (2.0.3)
      nokogiri (>= 1.4.4, < 1.6)
    sass (3.2.8)
    sequel (3.46.0)
    sinatra (1.4.2)
      rack (~> 1.5, >= 1.5.2)
      rack-protection (~> 1.4)
      tilt (~> 1.3, >= 1.3.4)
    sqlite3 (1.3.7)
    tilt (1.3.7)

PLATFORMS
  ruby

DEPENDENCIES
  json
  multi_json
  newrelic_rpm
  omniauth-facebook
  omniauth-twitter
  pg
  rack
  rack_csrf
  rake
  sanitize
  sass
  sequel
  sinatra
  sqlite3
