GEM
  remote: https://rubygems.org/
  specs:
    activemodel (3.2.22.5)
      activesupport (= 3.2.22.5)
      builder (~> 3.0.0)
    activerecord (3.2.22.5)
      activemodel (= 3.2.22.5)
      activesupport (= 3.2.22.5)
      arel (~> 3.0.2)
      tzinfo (~> 0.3.29)
    activesupport (3.2.22.5)
      i18n (~> 0.6, >= 0.6.4)
      multi_json (~> 1.0)
    arel (3.0.3)
    builder (3.0.4)
    concurrent-ruby (1.0.5)
    crass (1.0.4)
    daemons (1.2.6)
    enumerable-lazy (0.0.2)
    erubis (2.7.0)
    eventmachine (1.2.7)
    ffi (1.9.25)
    hashie (3.5.7)
    i18n (0.9.5)
      concurrent-ruby (~> 1.0)
    json (2.1.0)
    mail (2.7.1)
      mini_mime (>= 0.1.1)
    mime-types (2.99.3)
    mini_mime (1.0.1)
    mini_portile2 (2.3.0)
    minitest (5.11.3)
    moneta (0.8.1)
    multi_json (1.13.1)
    mustermann19 (0.4.4)
      enumerable-lazy
    nokogiri (1.8.5)
      mini_portile2 (~> 2.3.0)
    nokogumbo (2.0.0)
      nokogiri (~> 1.8, >= 1.8.4)
    oauth (0.5.4)
    omniauth (1.8.1)
      hashie (>= 3.4.6, < 3.6.0)
      rack (>= 1.6.2, < 3)
    omniauth-oauth (1.1.0)
      oauth
      omniauth (~> 1.0)
    omniauth-twitter (1.4.0)
      omniauth-oauth (~> 1.1)
      rack
    padrino (0.13.3.4)
      padrino-admin (= 0.13.3.4)
      padrino-cache (= 0.13.3.4)
      padrino-core (= 0.13.3.4)
      padrino-gen (= 0.13.3.4)
      padrino-helpers (= 0.13.3.4)
      padrino-mailer (= 0.13.3.4)
      padrino-support (= 0.13.3.4)
    padrino-admin (0.13.3.4)
      padrino-core (= 0.13.3.4)
      padrino-helpers (= 0.13.3.4)
    padrino-cache (0.13.3.4)
      moneta (~> 0.8.0)
      padrino-core (= 0.13.3.4)
      padrino-helpers (= 0.13.3.4)
    padrino-core (0.13.3.4)
      activesupport (>= 3.1)
      mustermann19
      padrino-support (= 0.13.3.4)
      rack-protection (>= 1.5.0)
      sinatra (>= 1.4.6, < 2)
      thor (~> 0.18)
    padrino-gen (0.13.3.4)
      bundler (~> 1.0)
      padrino-core (= 0.13.3.4)
    padrino-helpers (0.13.3.4)
      i18n (~> 0.6, >= 0.6.7)
      padrino-support (= 0.13.3.4)
      tilt (>= 1.4.1, < 3)
    padrino-mailer (0.13.3.4)
      mail (~> 2.5)
      mime-types (< 3)
      padrino-core (= 0.13.3.4)
    padrino-support (0.13.3.4)
      activesupport (>= 3.1)
    pg (1.1.3)
    rack (1.6.10)
    rack-protection (1.5.5)
      rack
    rack-test (1.1.0)
      rack (>= 1.0, < 3)
    rake (12.3.1)
    rb-fsevent (0.10.3)
    rb-inotify (0.9.10)
      ffi (>= 0.5.0, < 2)
    rr (1.2.1)
    sanitize (5.0.0)
      crass (~> 1.0.2)
      nokogiri (>= 1.8.0)
      nokogumbo (~> 2.0)
    sass (3.6.0)
      sass-listen (~> 4.0.0)
    sass-listen (4.0.0)
      rb-fsevent (~> 0.9, >= 0.9.4)
      rb-inotify (~> 0.9, >= 0.9.7)
    shotgun (0.9.2)
      rack (>= 1.0)
    sinatra (1.4.8)
      rack (~> 1.5)
      rack-protection (~> 1.4)
      tilt (>= 1.3, < 3)
    sinatra-flash (0.3.0)
      sinatra (>= 1.0.0)
    thin (1.7.2)
      daemons (~> 1.0, >= 1.0.9)
      eventmachine (~> 1.0, >= 1.0.4)
      rack (>= 1, < 3)
    thor (0.20.0)
    tilt (2.0.8)
    tzinfo (0.3.54)

PLATFORMS
  ruby

DEPENDENCIES
  activerecord (~> 3.0)
  bundler
  erubis (~> 2.7.0)
  json
  minitest
  multi_json
  omniauth-twitter
  padrino (~> 0.13.0)
  pg
  rack-protection
  rack-test
  rake
  rr
  sanitize
  sass
  shotgun
  sinatra-flash
  thin

RUBY VERSION
   ruby 2.5.1p57

BUNDLED WITH
   1.16.6
